GIT
  remote: https://github.com/jipiboily/monologue
  revision: eb86247e948a6f4bba63c03d4151fc461b0c412f
  branch: master
  specs:
    monologue (0.5.0)
      bcrypt (~> 3.1.7)
      ckeditor (~> 4.1.1)
      coffee-rails (>= 4.0.0)
      jquery-rails
      rails (>= 4.0.4)
      rails-i18n
      responders (~> 2.1.0)
      sass-rails (~> 5.0.0)
      select2-rails (~> 3.2)
      truncate_html

GIT
  remote: https://github.com/marcosserpa/monologue-markdown
  revision: cf919fd0c0bd1b2827951641307a49691fa61362
  branch: develop
  specs:
    monologue-markdown (0.3.0)
      content-pipeline (~> 1.0)
      deface (~> 1.0.0.rc3)
      github-markdown (~> 0.6.3)
      jquery-rails
      monologue
      pygments.rb (~> 0.5.4)
      rails

GEM
  remote: https://rubygems.org/
  specs:
    actionmailer (4.2.0)
      actionpack (= 4.2.0)
      actionview (= 4.2.0)
      activejob (= 4.2.0)
      mail (~> 2.5, >= 2.5.4)
      rails-dom-testing (~> 1.0, >= 1.0.5)
    actionpack (4.2.0)
      actionview (= 4.2.0)
      activesupport (= 4.2.0)
      rack (~> 1.6.0)
      rack-test (~> 0.6.2)
      rails-dom-testing (~> 1.0, >= 1.0.5)
      rails-html-sanitizer (~> 1.0, >= 1.0.1)
    actionview (4.2.0)
      activesupport (= 4.2.0)
      builder (~> 3.1)
      erubis (~> 2.7.0)
      rails-dom-testing (~> 1.0, >= 1.0.5)
      rails-html-sanitizer (~> 1.0, >= 1.0.1)
    activejob (4.2.0)
      activesupport (= 4.2.0)
      globalid (>= 0.3.0)
    activemodel (4.2.0)
      activesupport (= 4.2.0)
      builder (~> 3.1)
    activerecord (4.2.0)
      activemodel (= 4.2.0)
      activesupport (= 4.2.0)
      arel (~> 6.0)
    activesupport (4.2.0)
      i18n (~> 0.7)
      json (~> 1.7, >= 1.7.7)
      minitest (~> 5.1)
      thread_safe (~> 0.3, >= 0.3.4)
      tzinfo (~> 1.1)
    arel (6.0.3)
    bcrypt (3.1.11)
    builder (3.2.2)
    byebug (8.2.4)
    carrierwave (0.11.0)
      activemodel (>= 3.2.0)
      activesupport (>= 3.2.0)
      json (>= 1.7)
      mime-types (>= 1.16)
    ckeditor (4.1.6)
      cocaine
      orm_adapter (~> 0.5.0)
    climate_control (0.0.3)
      activesupport (>= 3.0)
    cocaine (0.5.8)
      climate_control (>= 0.0.3, < 1.0)
    coderay (1.1.1)
    coffee-rails (4.0.1)
      coffee-script (>= 2.2.0)
      railties (>= 4.0.0, < 5.0)
    coffee-script (2.4.1)
      coffee-script-source
      execjs
    coffee-script-source (1.10.0)
    colorize (0.7.7)
    concurrent-ruby (1.0.1)
    content-pipeline (1.3.6)
      nokogiri (~> 1.6)
    deface (1.0.2)
      colorize (>= 0.5.8)
      nokogiri (~> 1.6.0)
      polyglot
      rails (>= 3.1)
    erubis (2.7.0)
    execjs (2.6.0)
    github-markdown (0.6.9)
    globalid (0.3.6)
      activesupport (>= 4.1.0)
    i18n (0.7.0)
    jbuilder (2.4.1)
      activesupport (>= 3.0.0, < 5.1)
      multi_json (~> 1.2)
    jquery-rails (4.1.1)
      rails-dom-testing (>= 1, < 3)
      railties (>= 4.2.0)
      thor (>= 0.14, < 2.0)
    json (1.8.3)
    kgio (2.10.0)
    libv8 (3.16.14.13)
    loofah (2.0.3)
      nokogiri (>= 1.5.9)
    mail (2.6.4)
      mime-types (>= 1.16, < 4)
    mime-types (3.0)
      mime-types-data (~> 3.2015)
    mime-types-data (3.2016.0221)
    mina (0.3.8)
      open4 (~> 1.3.4)
      rake
    mina-unicorn (0.4.0)
    mini_magick (4.5.1)
    mini_portile2 (2.0.0)
    minitest (5.8.4)
    multi_json (1.11.2)
    nokogiri (1.6.7.2)
      mini_portile2 (~> 2.0.0.rc2)
    open4 (1.3.4)
    orm_adapter (0.5.0)
    pg (0.18.4)
    polyglot (0.3.5)
    posix-spawn (0.3.11)
    pygments.rb (0.5.4)
      posix-spawn (~> 0.3.6)
      yajl-ruby (~> 1.1.0)
    rack (1.6.4)
    rack-test (0.6.3)
      rack (>= 1.0)
    rails (4.2.0)
      actionmailer (= 4.2.0)
      actionpack (= 4.2.0)
      actionview (= 4.2.0)
      activejob (= 4.2.0)
      activemodel (= 4.2.0)
      activerecord (= 4.2.0)
      activesupport (= 4.2.0)
      bundler (>= 1.3.0, < 2.0)
      railties (= 4.2.0)
      sprockets-rails
    rails-deprecated_sanitizer (1.0.3)
      activesupport (>= 4.2.0.alpha)
    rails-dom-testing (1.0.7)
      activesupport (>= 4.2.0.beta, < 5.0)
      nokogiri (~> 1.6.0)
      rails-deprecated_sanitizer (>= 1.0.1)
    rails-html-sanitizer (1.0.3)
      loofah (~> 2.0)
    rails-i18n (4.0.8)
      i18n (~> 0.7)
      railties (~> 4.0)
    railties (4.2.0)
      actionpack (= 4.2.0)
      activesupport (= 4.2.0)
      rake (>= 0.8.7)
      thor (>= 0.18.1, < 2.0)
    raindrops (0.16.0)
    rake (11.1.2)
    rdoc (4.2.2)
      json (~> 1.4)
    redcarpet (3.3.4)
    ref (2.0.0)
    responders (2.1.2)
      railties (>= 4.2.0, < 5.1)
    sass (3.4.22)
    sass-rails (5.0.4)
      railties (>= 4.0.0, < 5.0)
      sass (~> 3.1)
      sprockets (>= 2.8, < 4.0)
      sprockets-rails (>= 2.0, < 4.0)
      tilt (>= 1.1, < 3)
    sdoc (0.4.1)
      json (~> 1.7, >= 1.7.7)
      rdoc (~> 4.0)
    select2-rails (3.5.10)
      thor (~> 0.14)
    spring (1.7.1)
    sprockets (3.6.0)
      concurrent-ruby (~> 1.0)
      rack (> 1, < 3)
    sprockets-rails (3.0.4)
      actionpack (>= 4.0)
      activesupport (>= 4.0)
      sprockets (>= 3.0.0)
    therubyracer (0.12.2)
      libv8 (~> 3.16.14.0)
      ref
    thor (0.19.1)
    thread_safe (0.3.5)
    tilt (2.0.2)
    truncate_html (0.9.3)
    turbolinks (2.5.3)
      coffee-rails
    tzinfo (1.2.2)
      thread_safe (~> 0.1)
    uglifier (3.0.0)
      execjs (>= 0.3.0, < 3)
    unicorn (5.1.0)
      kgio (~> 2.6)
      raindrops (~> 0.7)
    yajl-ruby (1.1.0)

PLATFORMS
  ruby

DEPENDENCIES
  byebug
  carrierwave
  coderay
  coffee-rails (~> 4.0.0)
  jbuilder (~> 2.0)
  jquery-rails
  mina
  mina-unicorn
  mini_magick
  monologue!
  monologue-markdown!
  pg
  rails (= 4.2.0)
  redcarpet
  sass-rails
  sdoc (~> 0.4.0)
  spring
  therubyracer
  turbolinks
  uglifier (>= 1.3.0)
  unicorn

BUNDLED WITH
   1.11.2
